GEM
  remote: https://rubygems.org/
  specs:
    builder (3.2.4)
    data-provider (0.2.3)
    domain_name (0.5.20190701)
      unf (>= 0.0.5, < 1.0.0)
    http-cookie (1.0.3)
      domain_name (~> 0.5)
    mime-types (2.99.3)
    mini_portile2 (2.4.0)
    mustermann (1.1.1)
      ruby2_keywords (~> 0.0.1)
    netrc (0.11.0)
    nokogiri (1.10.10)
      mini_portile2 (~> 2.4.0)
    rack (2.2.3)
    rack-protection (2.1.0)
      rack
    rest-client (1.8.0)
      http-cookie (>= 1.0.2, < 2.0)
      mime-types (>= 1.16, < 3.0)
      netrc (~> 0.7)
    ruby2_keywords (0.0.2)
    rubyzip (2.3.0)
    simple_xlsx_reader (1.0.4)
      nokogiri
      rubyzip
    sinatra (2.1.0)
      mustermann (~> 1.0)
      rack (~> 2.2)
      rack-protection (= 2.1.0)
      tilt (~> 2.0)
    tilt (2.0.10)
    unf (0.1.4)
      unf_ext
    unf_ext (0.0.7.7)
    xsd-populator (0.2.1)
      builder (~> 3.2)
      data-provider (~> 0.2)
      xsd-reader (~> 0.2)
    xsd-reader (0.4.0)
      nokogiri (~> 1.6)
      rest-client (~> 1.8)

PLATFORMS
  ruby

DEPENDENCIES
  data-provider
  simple_xlsx_reader
  sinatra
  xsd-populator

BUNDLED WITH
   2.1.4
